GEM
  remote: http://rubygems.org/
  specs:
    httpclient (2.1.6)
    json (1.4.6)
    rack (1.2.1)
    rack-test (0.5.7)
      rack (>= 1.0)
    rake (0.8.7)
    rmagick (2.13.1)
    shoulda (2.11.3)
    sinatra (1.1.0)
      rack (~> 1.1)
      tilt (~> 1.1)
    smusher (0.4.6)
      httpclient
      json
      rake
    tilt (1.2.1)

PLATFORMS
  ruby

DEPENDENCIES
  rack-test (= 0.5.7)
  rmagick (= 2.13.1)
  shoulda (= 2.11.3)
  sinatra (= 1.1.0)
  smusher (= 0.4.6)
