GEM
  remote: http://rubygems.org/
  specs:
    httpclient (2.1.6)
    json (1.4.6)
    rack (1.2.1)
    rake (0.8.7)
    rmagick (2.13.1)
    sinatra (1.1.2)
      rack (~> 1.1)
      tilt (~> 1.2)
    smusher (0.4.6)
      httpclient
      json
      rake
    tilt (1.2.1)

PLATFORMS
  ruby

DEPENDENCIES
  rmagick (= 2.13.1)
  sinatra (= 1.1.2)
  smusher (= 0.4.6)
